GEM
  remote: http://rubygems.org/
  specs:
    dalli (1.1.2)
    grackle (0.1.10)
      json
      mime-types
      oauth
    json (1.6.1)
    kgio (2.6.0)
    mime-types (1.16)
    oauth (0.4.5)
    rack (1.3.4)
    rack-protection (1.1.4)
      rack
    raindrops (0.7.0)
    rake (0.8.7)
    sinatra (1.3.1)
      rack (~> 1.3, >= 1.3.4)
      rack-protection (~> 1.1, >= 1.1.2)
      tilt (~> 1.3, >= 1.3.3)
    tilt (1.3.3)
    unicorn (4.1.1)
      kgio (~> 2.4)
      rack
      raindrops (~> 0.6)

PLATFORMS
  ruby

DEPENDENCIES
  dalli
  grackle
  json
  oauth
  rake (= 0.8.7)
  sinatra
  unicorn
